PATH
  remote: .
  specs:
    GiphyClient (1.0.0)
      typhoeus (~> 1.3, >= 1.0.1)

GEM
  remote: https://rubygems.org/
  specs:
    addressable (2.7.0)
      public_suffix (>= 2.0.2, < 5.0)
    autotest (5.0.0)
      minitest-autotest (~> 1.0)
    autotest-fsevent (0.2.17)
      sys-uname
    autotest-growl (0.2.16)
    autotest-rails-pure (4.1.2)
    crack (0.4.3)
      safe_yaml (~> 1.0.0)
    diff-lcs (1.3)
    ethon (0.12.0)
      ffi (>= 1.3.0)
    ffi (1.12.2)
    hashdiff (1.0.1)
    minitest (5.14.0)
    minitest-autotest (1.1.1)
      minitest-server (~> 1.0)
      path_expander (~> 1.0)
    minitest-server (1.0.6)
      minitest (~> 5.0)
    path_expander (1.1.0)
    public_suffix (4.0.3)
    rake (12.0.0)
    rspec (3.9.0)
      rspec-core (~> 3.9.0)
      rspec-expectations (~> 3.9.0)
      rspec-mocks (~> 3.9.0)
    rspec-core (3.9.1)
      rspec-support (~> 3.9.1)
    rspec-expectations (3.9.1)
      diff-lcs (>= 1.2.0, < 2.0)
      rspec-support (~> 3.9.0)
    rspec-mocks (3.9.1)
      diff-lcs (>= 1.2.0, < 2.0)
      rspec-support (~> 3.9.0)
    rspec-support (3.9.2)
    safe_yaml (1.0.5)
    sys-uname (1.2.1)
      ffi (>= 1.0.0)
    typhoeus (1.3.1)
      ethon (>= 0.9.0)
    vcr (5.1.0)
    webmock (3.8.3)
      addressable (>= 2.3.6)
      crack (>= 0.3.2)
      hashdiff (>= 0.4.0, < 2.0.0)

PLATFORMS
  ruby

DEPENDENCIES
  GiphyClient!
  autotest (>= 4.4.6)
  autotest-fsevent (>= 0.2.11)
  autotest-growl (>= 0.2.16)
  autotest-rails-pure (>= 4.1.2)
  rake (~> 12.0.0)
  rspec (>= 3.4.0)
  vcr (>= 3.0.1)
  webmock (>= 1.24.3)

BUNDLED WITH
   1.17.2
