PATH
  remote: .
  specs:
    GiphyClient (1.0.0)
      addressable
      typhoeus (>= 1.3)

GEM
  remote: https://rubygems.org/
  specs:
    addressable (2.8.0)
      public_suffix (>= 2.0.2, < 5.0)
    autotest (5.0.0)
      minitest-autotest (~> 1.0)
    autotest-fsevent (0.2.18)
      sys-uname
    autotest-growl (0.2.16)
    autotest-rails-pure (4.1.2)
    crack (0.4.5)
      rexml
    diff-lcs (1.4.4)
    ethon (0.15.0)
      ffi (>= 1.15.0)
    ffi (1.15.4)
    hashdiff (1.0.1)
    minitest (5.14.4)
    minitest-autotest (1.1.1)
      minitest-server (~> 1.0)
      path_expander (~> 1.0)
    minitest-server (1.0.6)
      minitest (~> 5.0)
    path_expander (1.1.0)
    public_suffix (4.0.6)
    rake (12.0.0)
    rexml (3.2.5)
    rspec (3.10.0)
      rspec-core (~> 3.10.0)
      rspec-expectations (~> 3.10.0)
      rspec-mocks (~> 3.10.0)
    rspec-core (3.10.1)
      rspec-support (~> 3.10.0)
    rspec-expectations (3.10.1)
      diff-lcs (>= 1.2.0, < 2.0)
      rspec-support (~> 3.10.0)
    rspec-mocks (3.10.2)
      diff-lcs (>= 1.2.0, < 2.0)
      rspec-support (~> 3.10.0)
    rspec-support (3.10.3)
    sys-uname (1.2.2)
      ffi (~> 1.1)
    typhoeus (1.4.0)
      ethon (>= 0.9.0)
    vcr (6.0.0)
    webmock (3.14.0)
      addressable (>= 2.8.0)
      crack (>= 0.3.2)
      hashdiff (>= 0.4.0, < 2.0.0)

PLATFORMS
  ruby

DEPENDENCIES
  GiphyClient!
  autotest (>= 4.4.6)
  autotest-fsevent (>= 0.2.11)
  autotest-growl (>= 0.2.16)
  autotest-rails-pure (>= 4.1.2)
  rake (~> 12.0.0)
  rspec (>= 3.4.0)
  vcr (>= 3.0.1)
  webmock (>= 1.24.3)

BUNDLED WITH
   2.2.31
